GEM
  remote: http://rubygems.org/
  specs:
    RedCloth (4.2.3)
    haml (2.2.24)
    json (1.5.1)
    mime-types (1.16)
    oauth (0.4.4)
    rack (1.2.1)
    sinatra (1.1.2)
      rack (~> 1.1)
      tilt (~> 1.2)
    tilt (1.2.2)
    twitter_oauth (0.4.3)
      json (>= 1.1.9)
      mime-types (>= 1.16)
      oauth (>= 0.4.1)

PLATFORMS
  ruby

DEPENDENCIES
  RedCloth (~> 4.2.3)
  haml (~> 2.2.22)
  mime-types (~> 1.16)
  sinatra (~> 1.1.2)
  twitter_oauth (~> 0.4.3)
