GIT
  remote: git://github.com/bantamnet/twitter_oauth.git
  revision: 41f6a9c7d3b297118215461848756dd9aff8f0d5
  specs:
    twitter_oauth (0.4.3)
      json (>= 1.1.9)
      mime-types (>= 1.16)
      oauth (>= 0.4.1)

GEM
  remote: http://rubygems.org/
  specs:
    RedCloth (4.2.3)
    builder (2.1.2)
    crack (0.1.6)
    diff-lcs (1.1.3)
    haml (2.2.24)
    httparty (0.5.2)
      crack (= 0.1.6)
    json (1.6.5)
    mime-types (1.16)
    oauth (0.4.5)
    rack (1.4.1)
    rack-protection (1.2.0)
      rack
    rack-test (0.6.1)
      rack (>= 1.0)
    rack-throttle (0.3.0)
      rack (>= 1.0.0)
    rspec (2.8.0)
      rspec-core (~> 2.8.0)
      rspec-expectations (~> 2.8.0)
      rspec-mocks (~> 2.8.0)
    rspec-core (2.8.0)
    rspec-expectations (2.8.0)
      diff-lcs (~> 1.1.2)
    rspec-mocks (2.8.0)
    sinatra (1.3.2)
      rack (~> 1.3, >= 1.3.6)
      rack-protection (~> 1.2)
      tilt (~> 1.3, >= 1.3.3)
    tilt (1.3.3)

PLATFORMS
  ruby

DEPENDENCIES
  RedCloth (~> 4.2.3)
  builder (~> 2.1.2)
  haml (~> 2.2.22)
  httparty (~> 0.5.2)
  mime-types (~> 1.16)
  rack-test (~> 0.6.1)
  rack-throttle (~> 0.3.0)
  rspec (~> 2.8.0)
  sinatra (~> 1.3.2)
  twitter_oauth (~> 0.4.3)!
