GIT
  remote: https://github.com/bantamnet/twitter_oauth.git
  revision: 41f6a9c7d3b297118215461848756dd9aff8f0d5
  specs:
    twitter_oauth (0.4.3)
      json (>= 1.1.9)
      mime-types (>= 1.16)
      oauth (>= 0.4.1)

GEM
  remote: http://rubygems.org/
  specs:
    RedCloth (4.2.3)
    builder (2.1.2)
    crack (0.1.6)
    haml (2.2.24)
    httparty (0.5.2)
      crack (= 0.1.6)
    json (1.5.1)
    mime-types (1.16)
    oauth (0.4.4)
    rack (1.2.1)
    sinatra (1.1.2)
      rack (~> 1.1)
      tilt (~> 1.2)
    tilt (1.2.2)

PLATFORMS
  ruby

DEPENDENCIES
  RedCloth (~> 4.2.3)
  builder (~> 2.1.2)
  haml (~> 2.2.22)
  httparty (~> 0.5.2)
  mime-types (~> 1.16)
  sinatra (~> 1.1.2)
  twitter_oauth (~> 0.4.3)!
